GEM
  remote: https://rubygems.org/
  specs:
    builder (3.2.3)
    haml (5.0.4)
      temple (>= 0.8.0)
      tilt
    mustermann (1.0.3)
    puma (3.12.0)
    rack (2.0.6)
    rack-protection (2.0.5)
      rack
    redis (3.3.5)
    sinatra (2.0.5)
      mustermann (~> 1.0)
      rack (~> 2.0)
      rack-protection (= 2.0.5)
      tilt (~> 2.0)
    temple (0.8.1)
    tilt (2.0.9)
    wikipedia-client (1.10.0)

PLATFORMS
  ruby

DEPENDENCIES
  builder
  haml
  puma
  redis (~> 3.2)
  sinatra
  wikipedia-client

RUBY VERSION
   ruby 2.5.3p105

BUNDLED WITH
   2.0.1
