GEM
  remote: https://rubygems.org/
  specs:
    builder (3.2.2)
    haml (4.0.7)
      tilt
    rack (1.6.4)
    rack-protection (1.5.3)
      rack
    redis (3.3.0)
    sinatra (1.4.7)
      rack (~> 1.5)
      rack-protection (~> 1.4)
      tilt (>= 1.3, < 3)
    tilt (2.0.2)
    wikipedia-client (1.6.2)

PLATFORMS
  ruby

DEPENDENCIES
  builder
  haml
  redis (~> 3.2)
  sinatra
  wikipedia-client

BUNDLED WITH
   1.11.2
